PATH
  remote: .
  specs:
    example_gem (0.0.1)

GEM
  remote: https://rubygems.org/
  specs:
    minitest (5.9.1)
    rake (11.3.0)

PLATFORMS
  ruby

DEPENDENCIES
  bundler (~> 1.7)
  example_gem!
  minitest (~> 5.9)
  rake (~> 11.0)

BUNDLED WITH
   1.12.3
