GEM
  remote: https://rubygems.org/
  specs:
    minitest (5.9.1)
    minitest-emoji (2.0.0)
    minitest-sound (0.0.8)
      minitest (>= 5.0)
    minitest-untz (0.5.0)
      minitest
    rake (11.3.0)

PLATFORMS
  ruby

DEPENDENCIES
  minitest-emoji
  minitest-sound
  minitest-untz
  rake

BUNDLED WITH
   1.12.3
